PATH
  remote: .
  specs:
    smartLogicCodeTest (1)
      bundler
      json
      rspec

GEM
  remote: https://rubygems.org/
  specs:
    coderay (1.1.3)
    diff-lcs (1.4.4)
    json (2.5.1)
    method_source (1.0.0)
    pry (0.14.1)
      coderay (~> 1.1)
      method_source (~> 1.0)
    rake (13.0.6)
    rspec (3.10.0)
      rspec-core (~> 3.10.0)
      rspec-expectations (~> 3.10.0)
      rspec-mocks (~> 3.10.0)
    rspec-core (3.10.1)
      rspec-support (~> 3.10.0)
    rspec-expectations (3.10.1)
      diff-lcs (>= 1.2.0, < 2.0)
      rspec-support (~> 3.10.0)
    rspec-mocks (3.10.2)
      diff-lcs (>= 1.2.0, < 2.0)
      rspec-support (~> 3.10.0)
    rspec-support (3.10.2)

PLATFORMS
  x86_64-darwin-20

DEPENDENCIES
  bundler
  json
  pry
  rake (~> 13.0)
  rspec
  smartLogicCodeTest!

BUNDLED WITH
   2.2.29
